PATH
  remote: ..
  specs:
    calabash-android (0.9.3)
      awesome_print (~> 1.2)
      cucumber (~> 2.0)
      escape (~> 0.0.4)
      httpclient (>= 2.7.1, < 3.0)
      json (~> 1.8)
      luffa
      rubyzip (>= 1.2.1)
      slowhandcuke (~> 0.0.3)

GEM
  remote: https://rubygems.org/
  specs:
    awesome_print (1.8.0)
    builder (3.2.3)
    cucumber (2.0.2)
      builder (>= 2.1.2)
      cucumber-core (~> 1.2.0)
      diff-lcs (>= 1.1.3)
      gherkin (~> 2.12)
      multi_json (>= 1.7.5, < 2.0)
      multi_test (>= 0.1.2)
    cucumber-core (1.2.0)
      gherkin (~> 2.12.0)
    diff-lcs (1.3)
    escape (0.0.4)
    gherkin (2.12.2)
      multi_json (~> 1.3)
    httpclient (2.8.3)
    json (1.8.6)
    luffa (2.0.0)
      awesome_print (~> 1.2)
      json (~> 1.8)
      retriable (>= 1.3.3.1, < 2.1)
      thor (~> 0.19)
    mime-types (2.99.3)
    multi_json (1.13.1)
    multi_test (0.1.2)
    retriable (2.0.2)
    rubyzip (1.2.1)
    slowhandcuke (0.0.3)
      cucumber
    thor (0.20.0)
    xamarin-test-cloud (2.1.2)
      bundler (>= 1.3.0, < 2.0)
      httpclient (>= 2.7.1, < 3.0)
      json (~> 1.8)
      mime-types (~> 2.99)
      retriable (>= 1.3.3.1, < 2.1)
      rubyzip (~> 1.1)
      thor (>= 0.18.1, < 1.0)

PLATFORMS
  ruby

DEPENDENCIES
  calabash-android!
  cucumber (~> 2.0.0)
  json (~> 1.8)
  xamarin-test-cloud (~> 2.0)

BUNDLED WITH
   1.16.2
